GIT
  remote: git://github.com/mongoid/mongoid.git
  revision: a0021858bbb405b3e99dfdda4e81a1e9c3d9dc4e
  specs:
    mongoid (4.0.0)
      activemodel (~> 4.0.0)
      moped (~> 1.5)
      origin (~> 1.0)
      tzinfo (~> 0.3.37)

GEM
  remote: https://rubygems.org/
  specs:
    actionmailer (4.0.0)
      actionpack (= 4.0.0)
      mail (~> 2.5.3)
    actionpack (4.0.0)
      activesupport (= 4.0.0)
      builder (~> 3.1.0)
      erubis (~> 2.7.0)
      rack (~> 1.5.2)
      rack-test (~> 0.6.2)
    activemodel (4.0.0)
      activesupport (= 4.0.0)
      builder (~> 3.1.0)
    activerecord (4.0.0)
      activemodel (= 4.0.0)
      activerecord-deprecated_finders (~> 1.0.2)
      activesupport (= 4.0.0)
      arel (~> 4.0.0)
    activerecord-deprecated_finders (1.0.3)
    activesupport (4.0.0)
      i18n (~> 0.6, >= 0.6.4)
      minitest (~> 4.2)
      multi_json (~> 1.3)
      thread_safe (~> 0.1)
      tzinfo (~> 0.3.37)
    andand (1.3.3)
    ansi (1.4.3)
    arel (4.0.0)
    atomic (1.1.14)
    bson (1.9.2)
    bson_ext (1.9.2)
      bson (~> 1.9.2)
    builder (3.1.4)
    byebug (1.8.2)
      columnize (~> 0.3.6)
      debugger-linecache (~> 1.2.0)
    capybara (2.0.0)
      mime-types (>= 1.16)
      nokogiri (>= 1.3.3)
      rack (>= 1.0.0)
      rack-test (>= 0.5.4)
      selenium-webdriver (~> 2.0)
      xpath (~> 1.0.0)
    celluloid (0.15.1)
      timers (~> 1.1.0)
    childprocess (0.3.9)
      ffi (~> 1.0, >= 1.0.11)
    cld (0.7.0)
      ffi
    coderay (1.0.9)
    coffee-rails (4.0.0)
      coffee-script (>= 2.2.0)
      railties (>= 4.0.0.beta, < 5.0)
    coffee-script (2.2.0)
      coffee-script-source
      execjs
    coffee-script-source (1.6.3)
    columnize (0.3.6)
    connection_pool (1.1.0)
    curb (0.8.4)
    d3_rails (3.3.4)
      railties (>= 3.1.0)
    database_cleaner (1.2.0)
    debugger-linecache (1.2.0)
    diff-lcs (1.2.4)
    erubis (2.7.0)
    ethon (0.6.1)
      ffi (>= 1.3.0)
      mime-types (~> 1.18)
    execjs (2.0.1)
    factory_girl (4.2.0)
      activesupport (>= 3.0.0)
    factory_girl_rails (4.2.1)
      factory_girl (~> 4.2.0)
      railties (>= 3.0.0)
    ffi (1.9.0)
    font-awesome-sass (4.0.2)
      sass-rails (>= 3.1.1)
    gon (4.1.1)
      actionpack (>= 2.3.0)
      json
    hashr (0.0.22)
    hike (1.2.3)
    i18n (0.6.5)
    iso-639 (0.1.0)
    jbuilder (1.5.3)
      activesupport (>= 3.0.0)
      multi_json (>= 1.2.0)
    json (1.8.0)
    leaflet-rails (0.6.2)
    mail (2.5.4)
      mime-types (~> 1.16)
      treetop (~> 1.4.8)
    method_source (0.8.2)
    mime-types (1.25)
    mini_portile (0.5.1)
    minitest (4.7.5)
    moped (1.5.1)
    multi_json (1.8.0)
    nokogiri (1.6.0)
      mini_portile (~> 0.5.0)
    oj (2.1.6)
    origin (1.1.0)
    polyglot (0.3.3)
    pry (0.9.12.2)
      coderay (~> 1.0.5)
      method_source (~> 0.8)
      slop (~> 3.4)
    pry-byebug (1.1.2)
      byebug (~> 1.6)
      pry (~> 0.9.12)
    pry-doc (0.4.6)
      pry (>= 0.9)
      yard (>= 0.8)
    pry-docmore (0.1.1)
      pry
      pry-doc
    pry-rails (0.3.2)
      pry (>= 0.9.10)
    quiet_assets (1.0.2)
      railties (>= 3.1, < 5.0)
    rack (1.5.2)
    rack-mini-profiler (0.1.31)
      rack (>= 1.1.3)
    rack-protection (1.5.0)
      rack
    rack-test (0.6.2)
      rack (>= 1.0)
    rails (4.0.0)
      actionmailer (= 4.0.0)
      actionpack (= 4.0.0)
      activerecord (= 4.0.0)
      activesupport (= 4.0.0)
      bundler (>= 1.3.0, < 2.0)
      railties (= 4.0.0)
      sprockets-rails (~> 2.0.0)
    railties (4.0.0)
      actionpack (= 4.0.0)
      activesupport (= 4.0.0)
      rake (>= 0.8.7)
      thor (>= 0.18.1, < 2.0)
    rake (10.1.0)
    redis (3.0.4)
    redis-namespace (1.3.1)
      redis (~> 3.0.0)
    require_all (1.3.2)
    rest-client (1.6.7)
      mime-types (>= 1.16)
    rspec-core (2.14.5)
    rspec-expectations (2.14.2)
      diff-lcs (>= 1.1.3, < 2.0)
    rspec-mocks (2.14.3)
    rspec-rails (2.14.0)
      actionpack (>= 3.0)
      activesupport (>= 3.0)
      railties (>= 3.0)
      rspec-core (~> 2.14.0)
      rspec-expectations (~> 2.14.0)
      rspec-mocks (~> 2.14.0)
    ruby-prof (0.13.0)
    rubyzip (0.9.9)
    sass (3.2.10)
    sass-rails (4.0.0)
      railties (>= 4.0.0.beta, < 5.0)
      sass (>= 3.1.10)
      sprockets-rails (~> 2.0.0)
    selenium-webdriver (2.35.1)
      childprocess (>= 0.2.5)
      multi_json (~> 1.0)
      rubyzip (< 1.0.0)
      websocket (~> 1.0.4)
    sidekiq (2.14.1)
      celluloid (>= 0.14.1)
      connection_pool (>= 1.0.0)
      json
      redis (>= 3.0.4)
      redis-namespace (>= 1.3.1)
    sidekiq-status (0.3.2)
      sidekiq (~> 2.7)
    sinatra (1.4.3)
      rack (~> 1.4)
      rack-protection (~> 1.4)
      tilt (~> 1.3, >= 1.3.4)
    slim (2.0.1)
      temple (~> 0.6.6)
      tilt (>= 1.3.3, < 2.1)
    slop (3.4.6)
    sprockets (2.10.0)
      hike (~> 1.2)
      multi_json (~> 1.0)
      rack (~> 1.0)
      tilt (~> 1.1, != 1.3.0)
    sprockets-rails (2.0.0)
      actionpack (>= 3.0)
      activesupport (>= 3.0)
      sprockets (~> 2.8)
    tactful_tokenizer (0.0.2)
    temple (0.6.6)
    text-hyphen (1.4.1)
    thor (0.18.1)
    thread_safe (0.1.3)
      atomic
    tilt (1.4.1)
    timers (1.1.0)
    tire (0.6.0)
      activemodel (>= 3.0)
      activesupport
      ansi
      hashr (~> 0.0.19)
      multi_json (~> 1.3)
      rake
      rest-client (~> 1.6)
    treetop (1.4.15)
      polyglot
      polyglot (>= 0.3.1)
    typhoeus (0.6.5)
      ethon (~> 0.6.1)
    tzinfo (0.3.37)
    uglifier (2.2.1)
      execjs (>= 0.3.0)
      multi_json (~> 1.0, >= 1.0.2)
    websocket (1.0.7)
    xpath (1.0.0)
      nokogiri (~> 1.3)
    yard (0.8.7.3)

PLATFORMS
  ruby

DEPENDENCIES
  andand
  bson_ext
  capybara (= 2.0.0)
  cld
  coffee-rails (~> 4.0.0)
  curb
  d3_rails
  database_cleaner
  factory_girl_rails (~> 4.0)
  font-awesome-sass
  gon
  iso-639
  jbuilder
  json
  leaflet-rails
  mongoid!
  oj
  pry-byebug
  pry-doc
  pry-docmore
  pry-rails
  quiet_assets
  rack-mini-profiler
  rails (= 4.0.0)
  require_all
  rspec-rails
  ruby-prof
  sass-rails (~> 4.0.0)
  sidekiq (>= 2.13.0)
  sidekiq-status
  sinatra
  slim
  tactful_tokenizer
  text-hyphen
  tire
  typhoeus
  uglifier (>= 1.3.0)
